GEM
  remote: https://rubygems.org/
  specs:
    actionmailer (5.2.1)
      actionpack (= 5.2.1)
      actionview (= 5.2.1)
      activejob (= 5.2.1)
      mail (~> 2.5, >= 2.5.4)
      rails-dom-testing (~> 2.0)
    actionpack (5.2.1)
      actionview (= 5.2.1)
      activesupport (= 5.2.1)
      rack (~> 2.0)
      rack-test (>= 0.6.3)
      rails-dom-testing (~> 2.0)
      rails-html-sanitizer (~> 1.0, >= 1.0.2)
    actionview (5.2.1)
      activesupport (= 5.2.1)
      builder (~> 3.1)
      erubi (~> 1.4)
      rails-dom-testing (~> 2.0)
      rails-html-sanitizer (~> 1.0, >= 1.0.3)
    activejob (5.2.1)
      activesupport (= 5.2.1)
      globalid (>= 0.3.6)
    activesupport (5.2.1)
      concurrent-ruby (~> 1.0, >= 1.0.2)
      i18n (>= 0.7, < 2)
      minitest (~> 5.1)
      tzinfo (~> 1.1)
    authy (2.7.4)
      httpclient (>= 2.5.3.3)
    bcrypt (3.1.12)
    builder (3.2.3)
    coderay (1.1.2)
    concurrent-ruby (1.0.5)
    crass (1.0.4)
    docile (1.3.1)
    erubi (1.7.1)
    exception_notification (4.2.2)
      actionmailer (>= 4.0, < 6)
      activesupport (>= 4.0, < 6)
    getto-initialize_with (1.0.0)
    getto-params (1.0.0)
    getto-repository (1.0.0)
    getto-repository-sequel (1.0.0)
      getto-repository (~> 1.0.0)
      sequel (~> 5.13.0)
    getto-roda (1.1.0)
      rack (~> 2.0)
      tzinfo (~> 1.1)
    globalid (0.4.1)
      activesupport (>= 4.2.0)
    httpclient (2.8.3)
    i18n (1.1.0)
      concurrent-ruby (~> 1.0)
    json (2.1.0)
    jwt (2.1.0)
    loofah (2.2.2)
      crass (~> 1.0.2)
      nokogiri (>= 1.5.9)
    mail (2.7.1)
      mini_mime (>= 0.1.1)
    method_source (0.9.0)
    mini_mime (1.0.1)
    mini_portile2 (2.3.0)
    minitest (5.11.3)
    monban-core (1.2.2)
      getto-initialize_with (~> 1.0)
      getto-params (~> 1.0)
      jwt (~> 2.1)
    monban-repository (1.1.0)
      getto-initialize_with (~> 1.0)
      getto-repository-sequel (~> 1.0)
    mysql2 (0.5.2)
    nokogiri (1.8.5)
      mini_portile2 (~> 2.3.0)
    pry (0.11.3)
      coderay (~> 1.1.0)
      method_source (~> 0.9.0)
    puma (3.12.0)
    rack (2.0.5)
    rack-test (1.1.0)
      rack (>= 1.0, < 3)
    rails-dom-testing (2.0.3)
      activesupport (>= 4.2.0)
      nokogiri (>= 1.6)
    rails-html-sanitizer (1.0.4)
      loofah (~> 2.2, >= 2.2.2)
    rake (12.3.1)
    roda (3.13.0)
      rack
    sequel (5.13.0)
    simplecov (0.16.1)
      docile (~> 1.1)
      json (>= 1.8, < 3)
      simplecov-html (~> 0.10.0)
    simplecov-html (0.10.2)
    slack-notifier (2.3.2)
    thread_safe (0.3.6)
    tzinfo (1.2.5)
      thread_safe (~> 0.1)

PLATFORMS
  ruby

DEPENDENCIES
  authy (~> 2.7.4)
  bcrypt (~> 3.1.12)
  exception_notification (~> 4.2.2)
  getto-initialize_with (>= 1.0.0)
  getto-params (>= 1.0.0)
  getto-repository-sequel (>= 1.0.0)
  getto-roda (>= 1.1.0)
  minitest
  monban-core (>= 1.2.2)
  monban-repository (>= 1.1.0)
  mysql2 (>= 0.4.4, < 0.6.0)
  pry
  puma (~> 3.12)
  rake (~> 12.3.1)
  roda (~> 3.13.0)
  sequel (~> 5.13.0)
  simplecov
  slack-notifier (~> 2.3.2)

RUBY VERSION
   ruby 2.5.3p105

BUNDLED WITH
   1.17.1
